GEM
  remote: https://rubygems.org/
  specs:
    async (2.14.2)
      console (~> 1.25, >= 1.25.2)
      fiber-annotation
      io-event (~> 1.6, >= 1.6.5)
    async-container (0.18.2)
      async (~> 2.10)
    async-http (0.69.0)
      async (>= 2.10.2)
      async-pool (~> 0.7)
      io-endpoint (~> 0.11)
      io-stream (~> 0.4)
      protocol-http (~> 0.26)
      protocol-http1 (~> 0.19)
      protocol-http2 (~> 0.18)
      traces (>= 0.10)
    async-http-cache (0.4.4)
      async-http (~> 0.56)
    async-pool (0.7.0)
      async (>= 1.25)
    async-service (0.12.0)
      async
      async-container (~> 0.16)
    bigdecimal (3.1.8)
    console (1.27.0)
      fiber-annotation
      fiber-local (~> 1.1)
      json
    erubi (1.13.0)
    extralite-bundle (2.8.2)
    falcon (0.47.7)
      async
      async-container (~> 0.18)
      async-http (~> 0.66, >= 0.66.3)
      async-http-cache (~> 0.4.0)
      async-service (~> 0.10)
      bundler
      localhost (~> 1.1)
      openssl (~> 3.0)
      process-metrics (~> 0.2.0)
      protocol-rack (~> 0.5)
      samovar (~> 2.3)
    fiber-annotation (0.2.0)
    fiber-local (1.1.0)
      fiber-storage
    fiber-storage (0.1.2)
    io-endpoint (0.13.0)
    io-event (1.6.5)
    io-stream (0.4.0)
    json (2.7.2)
    localhost (1.3.1)
    mapping (1.1.1)
    openssl (3.2.0)
    pastel (0.8.0)
      tty-color (~> 0.5)
    process-metrics (0.2.1)
      console (~> 1.8)
      samovar (~> 2.1)
    protocol-hpack (1.4.3)
    protocol-http (0.28.1)
    protocol-http1 (0.19.1)
      protocol-http (~> 0.22)
    protocol-http2 (0.18.0)
      protocol-hpack (~> 1.4)
      protocol-http (~> 0.18)
    protocol-rack (0.6.0)
      protocol-http (~> 0.23)
      rack (>= 1.0)
    rack (3.1.7)
    roda (3.82.0)
      rack
    roda-enhanced_logger (0.5.0)
      roda (>= 3.19.0)
      tty-logger (>= 0.3, < 1.0)
    samovar (2.3.0)
      console (~> 1.0)
      mapping (~> 1.0)
    sequel (5.82.0)
      bigdecimal
    tilt (2.4.0)
    traces (0.11.1)
    tty-color (0.6.0)
    tty-logger (0.6.0)
      pastel (~> 0.8)

PLATFORMS
  arm64-darwin-23
  ruby

DEPENDENCIES
  erubi (~> 1.13)
  extralite-bundle (~> 2.8)
  falcon (~> 0.47.7)
  roda (~> 3.82)
  roda-enhanced_logger (~> 0.5.0)
  sequel (~> 5.82)
  tilt (~> 2.4)

BUNDLED WITH
   2.5.9
